GEM
  remote: http://rubygems.org/
  specs:
    anemone (0.5.0)
      nokogiri (>= 1.3.0)
      robots (>= 0.7.2)
    nokogiri (1.4.4)
    robots (0.10.0)
    spidr (0.2.7)

PLATFORMS
  ruby

DEPENDENCIES
  anemone
  nokogiri
  spidr
